GEM
  remote: http://rubygems.org/
  specs:
    backports (3.6.4)
    daemons (1.1.9)
    eventmachine (1.0.4)
    execjs (2.2.2)
    jsmin (1.0.1)
    json (1.8.2)
    multi_json (1.10.1)
    newrelic_rpm (3.9.9.275)
    rack (1.6.0)
    rack-protection (1.5.3)
      rack
    rack-test (0.6.3)
      rack (>= 1.0)
    sass (3.4.9)
    sinatra (1.4.5)
      rack (~> 1.4)
      rack-protection (~> 1.4)
      tilt (~> 1.3, >= 1.3.4)
    sinatra-assetpack (0.3.3)
      jsmin
      rack-test
      sinatra
      tilt (>= 1.3.0, < 2.0)
    sinatra-contrib (1.4.2)
      backports (>= 2.0)
      multi_json
      rack-protection
      rack-test
      sinatra (~> 1.4.0)
      tilt (~> 1.3)
    thin (1.6.3)
      daemons (~> 1.0, >= 1.0.9)
      eventmachine (~> 1.0)
      rack (~> 1.0)
    tilt (1.4.1)
    uglifier (2.7.0)
      execjs (>= 0.3.0)
      json (>= 1.8.0)

PLATFORMS
  ruby

DEPENDENCIES
  newrelic_rpm
  sass
  sinatra (= 1.4.5)
  sinatra-assetpack
  sinatra-contrib
  thin
  uglifier
